PATH
  remote: .
  specs:
    resque-disable-job (0.2.0)
      resque

GEM
  remote: https://rubygems.org/
  specs:
    ast (2.4.2)
    codecov (0.2.12)
      json
      simplecov
    coderay (1.1.3)
    docile (1.4.0)
    json (2.6.3)
    method_source (1.0.0)
    minitest (5.18.1)
    minitest-rg (5.2.0)
      minitest (~> 5.0)
    mocha (2.0.4)
      ruby2_keywords (>= 0.0.5)
    mono_logger (1.1.2)
    multi_json (1.15.0)
    mustermann (3.0.0)
      ruby2_keywords (~> 0.0.1)
    parallel (1.23.0)
    parser (2.7.2.0)
      ast (~> 2.4.1)
    powerpack (0.1.3)
    pry (0.14.2)
      coderay (~> 1.1)
      method_source (~> 1.0)
    rack (2.2.7)
    rack-protection (3.0.6)
      rack
    rainbow (2.2.2)
      rake
    rake (13.0.6)
    redis (4.8.1)
    redis-namespace (1.11.0)
      redis (>= 4)
    resque (1.27.4)
      mono_logger (~> 1.0)
      multi_json (~> 1.0)
      redis-namespace (~> 1.3)
      sinatra (>= 0.9.2)
      vegas (~> 0.1.2)
    rubocop (0.51.0)
      parallel (~> 1.10)
      parser (>= 2.3.3.1, < 3.0)
      powerpack (~> 0.1)
      rainbow (>= 2.2.2, < 3.0)
      ruby-progressbar (~> 1.7)
      unicode-display_width (~> 1.0, >= 1.0.1)
    ruby-progressbar (1.13.0)
    ruby2_keywords (0.0.5)
    simplecov (0.22.0)
      docile (~> 1.1)
      simplecov-html (~> 0.11)
      simplecov_json_formatter (~> 0.1)
    simplecov-html (0.12.3)
    simplecov_json_formatter (0.1.4)
    sinatra (3.0.6)
      mustermann (~> 3.0)
      rack (~> 2.2, >= 2.2.4)
      rack-protection (= 3.0.6)
      tilt (~> 2.0)
    tilt (2.2.0)
    unicode-display_width (1.8.0)
    vegas (0.1.11)
      rack (>= 1.0.0)

PLATFORMS
  ruby

DEPENDENCIES
  codecov
  minitest
  minitest-rg
  mocha
  pry
  rake
  redis (< 5)
  resque (~> 1.27)
  resque-disable-job!
  rubocop (= 0.51.0)
  simplecov

BUNDLED WITH
   2.4.12
